GEM
  remote: https://rubygems.org/
  specs:
    action_policy (0.7.1)
      ruby-next-core (>= 1.0)
    actioncable (7.2.2)
      actionpack (= 7.2.2)
      activesupport (= 7.2.2)
      nio4r (~> 2.0)
      websocket-driver (>= 0.6.1)
      zeitwerk (~> 2.6)
    actionmailbox (7.2.2)
      actionpack (= 7.2.2)
      activejob (= 7.2.2)
      activerecord (= 7.2.2)
      activestorage (= 7.2.2)
      activesupport (= 7.2.2)
      mail (>= 2.8.0)
    actionmailer (7.2.2)
      actionpack (= 7.2.2)
      actionview (= 7.2.2)
      activejob (= 7.2.2)
      activesupport (= 7.2.2)
      mail (>= 2.8.0)
      rails-dom-testing (~> 2.2)
    actionpack (7.2.2)
      actionview (= 7.2.2)
      activesupport (= 7.2.2)
      nokogiri (>= 1.8.5)
      racc
      rack (>= 2.2.4, < 3.2)
      rack-session (>= 1.0.1)
      rack-test (>= 0.6.3)
      rails-dom-testing (~> 2.2)
      rails-html-sanitizer (~> 1.6)
      useragent (~> 0.16)
    actiontext (7.2.2)
      actionpack (= 7.2.2)
      activerecord (= 7.2.2)
      activestorage (= 7.2.2)
      activesupport (= 7.2.2)
      globalid (>= 0.6.0)
      nokogiri (>= 1.8.5)
    actionview (7.2.2)
      activesupport (= 7.2.2)
      builder (~> 3.1)
      erubi (~> 1.11)
      rails-dom-testing (~> 2.2)
      rails-html-sanitizer (~> 1.6)
    activejob (7.2.2)
      activesupport (= 7.2.2)
      globalid (>= 0.3.6)
    activemodel (7.2.2)
      activesupport (= 7.2.2)
    activerecord (7.2.2)
      activemodel (= 7.2.2)
      activesupport (= 7.2.2)
      timeout (>= 0.4.0)
    activestorage (7.2.2)
      actionpack (= 7.2.2)
      activejob (= 7.2.2)
      activerecord (= 7.2.2)
      activesupport (= 7.2.2)
      marcel (~> 1.0)
    activesupport (7.2.2)
      base64
      benchmark (>= 0.3)
      bigdecimal
      concurrent-ruby (~> 1.0, >= 1.3.1)
      connection_pool (>= 2.2.5)
      drb
      i18n (>= 1.6, < 2)
      logger (>= 1.4.2)
      minitest (>= 5.1)
      securerandom (>= 0.3)
      tzinfo (~> 2.0, >= 2.0.5)
    addressable (2.8.7)
      public_suffix (>= 2.0.2, < 7.0)
    airbrussh (1.5.3)
      sshkit (>= 1.6.1, != 1.7.0)
    amazing_print (1.6.0)
    ast (2.4.2)
    attr_extras (7.1.0)
    base64 (0.2.0)
    bcrypt (3.1.20)
    bcrypt_pbkdf (1.1.1)
    bcrypt_pbkdf (1.1.1-arm64-darwin)
    bcrypt_pbkdf (1.1.1-x86_64-darwin)
    benchmark (0.4.0)
    bigdecimal (3.1.8)
    bootsnap (1.18.4)
      msgpack (~> 1.2)
    builder (3.3.0)
    bundler-audit (0.9.2)
      bundler (>= 1.2.0, < 3)
      thor (~> 1.0)
    byebug (11.1.3)
    capistrano (3.19.2)
      airbrussh (>= 1.0.0)
      i18n
      rake (>= 10.0.0)
      sshkit (>= 1.9.0)
    capistrano-bundle_audit (0.4.0)
      bundler-audit (~> 0.5)
      capistrano (~> 3.0)
      capistrano-bundler (>= 1.4)
    capistrano-bundler (2.1.1)
      capistrano (~> 3.1)
    capistrano-one_time_key (0.2.0)
      capistrano (~> 3.0)
    capistrano-passenger (0.2.1)
      capistrano (~> 3.0)
    capistrano-rails (1.6.3)
      capistrano (~> 3.1)
      capistrano-bundler (>= 1.1, < 3)
    capistrano-shared_configs (0.2.2)
    chronic (0.10.2)
    cocina-models (0.99.0)
      activesupport
      deprecation
      dry-struct (~> 1.0)
      dry-types (~> 1.1)
      edtf
      equivalent-xml
      i18n
      jsonpath
      nokogiri
      openapi3_parser
      openapi_parser (~> 1.0)
      super_diff
      thor
      zeitwerk (~> 2.1)
    committee (5.0.0)
      json_schema (~> 0.14, >= 0.14.3)
      openapi_parser (~> 1.0)
      rack (>= 1.5)
    commonmarker (1.1.5-arm64-darwin)
    commonmarker (1.1.5-x86_64-darwin)
    commonmarker (1.1.5-x86_64-linux)
    concurrent-ruby (1.3.4)
    config (2.2.3)
      deep_merge (~> 1.2, >= 1.2.1)
      dry-validation (~> 1.0, >= 1.0.0)
    connection_pool (2.4.1)
    crack (1.0.0)
      bigdecimal
      rexml
    crass (1.0.6)
    date (3.4.0)
    deep_merge (1.2.2)
    deprecation (1.1.0)
      activesupport
    diff-lcs (1.5.1)
    dlss-capistrano (5.2.0)
      bcrypt_pbkdf
      capistrano (~> 3.0)
      capistrano-bundle_audit (>= 0.3.0)
      capistrano-one_time_key (>= 0.2.0)
      capistrano-shared_configs
      ed25519
    docile (1.4.1)
    dor-services-client (15.2.0)
      activesupport (>= 4.2, < 8)
      cocina-models (~> 0.99.0)
      deprecation
      faraday (~> 2.0)
      faraday-retry
      zeitwerk (~> 2.1)
    dor-workflow-client (7.6.0)
      activesupport (>= 3.2.1, < 8)
      deprecation (>= 0.99.0)
      faraday (~> 2.0)
      faraday-retry (~> 2.0)
      nokogiri (~> 1.6)
      zeitwerk (~> 2.1)
    drb (2.2.1)
    druid-tools (3.0.0)
    dry-configurable (1.2.0)
      dry-core (~> 1.0, < 2)
      zeitwerk (~> 2.6)
    dry-core (1.0.2)
      concurrent-ruby (~> 1.0)
      logger
      zeitwerk (~> 2.6)
    dry-inflector (1.1.0)
    dry-initializer (3.1.1)
    dry-logic (1.5.0)
      concurrent-ruby (~> 1.0)
      dry-core (~> 1.0, < 2)
      zeitwerk (~> 2.6)
    dry-schema (1.13.4)
      concurrent-ruby (~> 1.0)
      dry-configurable (~> 1.0, >= 1.0.1)
      dry-core (~> 1.0, < 2)
      dry-initializer (~> 3.0)
      dry-logic (>= 1.4, < 2)
      dry-types (>= 1.7, < 2)
      zeitwerk (~> 2.6)
    dry-struct (1.6.0)
      dry-core (~> 1.0, < 2)
      dry-types (>= 1.7, < 2)
      ice_nine (~> 0.11)
      zeitwerk (~> 2.6)
    dry-types (1.7.2)
      bigdecimal (~> 3.0)
      concurrent-ruby (~> 1.0)
      dry-core (~> 1.0)
      dry-inflector (~> 1.0)
      dry-logic (~> 1.4)
      zeitwerk (~> 2.6)
    dry-validation (1.10.0)
      concurrent-ruby (~> 1.0)
      dry-core (~> 1.0, < 2)
      dry-initializer (~> 3.0)
      dry-schema (>= 1.12, < 2)
      zeitwerk (~> 2.6)
    ed25519 (1.3.0)
    edtf (3.1.1)
      activesupport (>= 3.0, < 8.0)
    equivalent-xml (0.6.0)
      nokogiri (>= 1.4.3)
    erubi (1.13.0)
    factory_bot (6.5.0)
      activesupport (>= 5.0.0)
    factory_bot_rails (6.4.4)
      factory_bot (~> 6.5)
      railties (>= 5.0.0)
    faraday (2.12.0)
      faraday-net_http (>= 2.0, < 3.4)
      json
      logger
    faraday-net_http (3.3.0)
      net-http
    faraday-retry (2.2.1)
      faraday (~> 2.0)
    globalid (1.2.1)
      activesupport (>= 6.1)
    hashdiff (1.1.1)
    honeybadger (5.20.0)
      logger
    i18n (1.14.6)
      concurrent-ruby (~> 1.0)
    ice_nine (0.11.2)
    io-console (0.7.2)
    irb (1.14.1)
      rdoc (>= 4.0.0)
      reline (>= 0.4.2)
    jbuilder (2.13.0)
      actionview (>= 5.0.0)
      activesupport (>= 5.0.0)
    json (2.8.1)
    json_schema (0.21.0)
    jsonpath (1.1.5)
      multi_json
    jwt (2.9.3)
      base64
    language_server-protocol (3.17.0.3)
    logger (1.6.1)
    lograge (0.14.0)
      actionpack (>= 4)
      activesupport (>= 4)
      railties (>= 4)
      request_store (~> 1.0)
    loofah (2.23.1)
      crass (~> 1.0.2)
      nokogiri (>= 1.12.0)
    mail (2.8.1)
      mini_mime (>= 0.1.1)
      net-imap
      net-pop
      net-smtp
    marcel (1.0.4)
    mini_mime (1.1.5)
    minitest (5.25.1)
    msgpack (1.7.3)
    multi_json (1.15.0)
    mutex_m (0.2.0)
    net-http (0.5.0)
      uri
    net-imap (0.5.1)
      date
      net-protocol
    net-pop (0.1.2)
      net-protocol
    net-protocol (0.2.2)
      timeout
    net-scp (4.0.0)
      net-ssh (>= 2.6.5, < 8.0.0)
    net-sftp (4.0.0)
      net-ssh (>= 5.0.0, < 8.0.0)
    net-smtp (0.5.0)
      net-protocol
    net-ssh (7.3.0)
    nio4r (2.7.4)
    nokogiri (1.16.7-arm64-darwin)
      racc (~> 1.4)
    nokogiri (1.16.7-x86_64-darwin)
      racc (~> 1.4)
    nokogiri (1.16.7-x86_64-linux)
      racc (~> 1.4)
    okcomputer (1.18.5)
    openapi3_parser (0.10.0)
      commonmarker (>= 1.0)
    openapi_parser (1.0.0)
    optimist (3.1.0)
    ostruct (0.6.1)
    parallel (1.26.3)
    parser (3.3.6.0)
      ast (~> 2.4.1)
      racc
    patience_diff (1.2.0)
      optimist (~> 3.0)
    pg (1.5.9)
    psych (5.2.0)
      stringio
    public_suffix (6.0.1)
    puma (6.4.3)
      nio4r (~> 2.0)
    racc (1.8.1)
    rack (3.1.8)
    rack-session (2.0.0)
      rack (>= 3.0.0)
    rack-test (2.1.0)
      rack (>= 1.3)
    rackup (2.2.0)
      rack (>= 3)
    rails (7.2.2)
      actioncable (= 7.2.2)
      actionmailbox (= 7.2.2)
      actionmailer (= 7.2.2)
      actionpack (= 7.2.2)
      actiontext (= 7.2.2)
      actionview (= 7.2.2)
      activejob (= 7.2.2)
      activemodel (= 7.2.2)
      activerecord (= 7.2.2)
      activestorage (= 7.2.2)
      activesupport (= 7.2.2)
      bundler (>= 1.15.0)
      railties (= 7.2.2)
    rails-dom-testing (2.2.0)
      activesupport (>= 5.0.0)
      minitest
      nokogiri (>= 1.6)
    rails-html-sanitizer (1.6.0)
      loofah (~> 2.21)
      nokogiri (~> 1.14)
    railties (7.2.2)
      actionpack (= 7.2.2)
      activesupport (= 7.2.2)
      irb (~> 1.13)
      rackup (>= 1.0.0)
      rake (>= 12.2)
      thor (~> 1.0, >= 1.2.2)
      zeitwerk (~> 2.6)
    rainbow (3.1.1)
    rake (13.2.1)
    rdoc (6.7.0)
      psych (>= 4.0.0)
    redis-client (0.22.2)
      connection_pool
    regexp_parser (2.9.2)
    reline (0.5.11)
      io-console (~> 0.5)
    request_store (1.7.0)
      rack (>= 1.4)
    rexml (3.3.9)
    rspec-core (3.13.2)
      rspec-support (~> 3.13.0)
    rspec-expectations (3.13.3)
      diff-lcs (>= 1.2.0, < 2.0)
      rspec-support (~> 3.13.0)
    rspec-mocks (3.13.2)
      diff-lcs (>= 1.2.0, < 2.0)
      rspec-support (~> 3.13.0)
    rspec-rails (7.1.0)
      actionpack (>= 7.0)
      activesupport (>= 7.0)
      railties (>= 7.0)
      rspec-core (~> 3.13)
      rspec-expectations (~> 3.13)
      rspec-mocks (~> 3.13)
      rspec-support (~> 3.13)
    rspec-support (3.13.1)
    rspec_junit_formatter (0.6.0)
      rspec-core (>= 2, < 4, != 2.12.0)
    rubocop (1.68.0)
      json (~> 2.3)
      language_server-protocol (>= 3.17.0)
      parallel (~> 1.10)
      parser (>= 3.3.0.2)
      rainbow (>= 2.2.2, < 4.0)
      regexp_parser (>= 2.4, < 3.0)
      rubocop-ast (>= 1.32.2, < 2.0)
      ruby-progressbar (~> 1.7)
      unicode-display_width (>= 2.4.0, < 3.0)
    rubocop-ast (1.34.1)
      parser (>= 3.3.1.0)
    rubocop-capybara (2.21.0)
      rubocop (~> 1.41)
    rubocop-factory_bot (2.26.1)
      rubocop (~> 1.61)
    rubocop-rails (2.27.0)
      activesupport (>= 4.2.0)
      rack (>= 1.1)
      rubocop (>= 1.52.0, < 2.0)
      rubocop-ast (>= 1.31.1, < 2.0)
    rubocop-rspec (3.2.0)
      rubocop (~> 1.61)
    rubocop-rspec_rails (2.30.0)
      rubocop (~> 1.61)
      rubocop-rspec (~> 3, >= 3.0.1)
    ruby-next-core (1.0.3)
    ruby-progressbar (1.13.0)
    securerandom (0.3.2)
    sidekiq (7.3.5)
      connection_pool (>= 2.3.0)
      logger
      rack (>= 2.2.4)
      redis-client (>= 0.22.2)
    simplecov (0.22.0)
      docile (~> 1.1)
      simplecov-html (~> 0.11)
      simplecov_json_formatter (~> 0.1)
    simplecov-html (0.13.1)
    simplecov_json_formatter (0.1.4)
    sshkit (1.23.2)
      base64
      net-scp (>= 1.1.2)
      net-sftp (>= 2.1.2)
      net-ssh (>= 2.8.0)
      ostruct
    stringio (3.1.2)
    super_diff (0.13.0)
      attr_extras (>= 6.2.4)
      diff-lcs
      patience_diff
    thor (1.3.2)
    timeout (0.4.2)
    tzinfo (2.0.6)
      concurrent-ruby (~> 1.0)
    unicode-display_width (2.6.0)
    uri (1.0.1)
    useragent (0.16.10)
    webmock (3.24.0)
      addressable (>= 2.8.0)
      crack (>= 0.3.2)
      hashdiff (>= 0.4.0, < 2.0.0)
    websocket-driver (0.7.6)
      websocket-extensions (>= 0.1.0)
    websocket-extensions (0.1.5)
    whenever (1.0.0)
      chronic (>= 0.6.3)
    zeitwerk (2.7.1)

PLATFORMS
  arm64-darwin-23
  x86_64-darwin-19
  x86_64-darwin-20
  x86_64-darwin-21
  x86_64-darwin-22
  x86_64-linux

DEPENDENCIES
  action_policy
  amazing_print
  bcrypt (~> 3.1.7)
  bootsnap (>= 1.4.2)
  byebug
  capistrano-passenger
  capistrano-rails
  cocina-models (~> 0.99.0)
  committee
  config (~> 2.0)
  dlss-capistrano
  dor-services-client (~> 15.1)
  dor-workflow-client (~> 7.0)
  druid-tools
  equivalent-xml
  factory_bot_rails
  honeybadger
  jbuilder (~> 2.7)
  jwt
  lograge
  marcel
  mutex_m
  okcomputer
  pg
  puma
  rails (~> 7.2.0)
  rspec-rails
  rspec_junit_formatter
  rubocop
  rubocop-capybara
  rubocop-factory_bot
  rubocop-rails
  rubocop-rspec
  rubocop-rspec_rails
  sidekiq (~> 7.1)
  simplecov
  webmock
  whenever

BUNDLED WITH
   2.4.13
